PATH
  remote: .
  specs:
    kgb (0.1.0)
      activesupport (~> 6.1.0)
      capybara (~> 3.35.3)
      dry-cli (~> 0.6.0)
      faraday (~> 1.4.1)
      faraday_middleware (~> 1.0.0)
      sentimental (~> 1.5.0)

GEM
  remote: https://rubygems.org/
  specs:
    activesupport (6.1.3.2)
      concurrent-ruby (~> 1.0, >= 1.0.2)
      i18n (>= 1.6, < 2)
      minitest (>= 5.1)
      tzinfo (~> 2.0)
      zeitwerk (~> 2.3)
    addressable (2.7.0)
      public_suffix (>= 2.0.2, < 5.0)
    byebug (11.1.3)
    capybara (3.35.3)
      addressable
      mini_mime (>= 0.1.3)
      nokogiri (~> 1.8)
      rack (>= 1.6.0)
      rack-test (>= 0.6.3)
      regexp_parser (>= 1.5, < 3.0)
      xpath (~> 3.2)
    coderay (1.1.3)
    concurrent-ruby (1.1.8)
    dry-cli (0.6.0)
      concurrent-ruby (~> 1.0)
    faraday (1.4.1)
      faraday-excon (~> 1.1)
      faraday-net_http (~> 1.0)
      faraday-net_http_persistent (~> 1.1)
      multipart-post (>= 1.2, < 3)
      ruby2_keywords (>= 0.0.4)
    faraday-excon (1.1.0)
    faraday-net_http (1.0.1)
    faraday-net_http_persistent (1.1.0)
    faraday_middleware (1.0.0)
      faraday (~> 1.0)
    i18n (1.8.10)
      concurrent-ruby (~> 1.0)
    method_source (1.0.0)
    mini_mime (1.1.0)
    mini_portile2 (2.5.1)
    minitest (5.14.4)
    mocha (1.12.0)
    multipart-post (2.1.1)
    nokogiri (1.11.4)
      mini_portile2 (~> 2.5.0)
      racc (~> 1.4)
    pry (0.13.1)
      coderay (~> 1.1)
      method_source (~> 1.0)
    pry-byebug (3.9.0)
      byebug (~> 11.0)
      pry (~> 0.13.0)
    public_suffix (4.0.6)
    racc (1.5.2)
    rack (2.2.3)
    rack-test (1.1.0)
      rack (>= 1.0, < 3)
    rake (12.3.3)
    regexp_parser (2.1.1)
    ruby2_keywords (0.0.4)
    sentimental (1.5.0)
    tzinfo (2.0.4)
      concurrent-ruby (~> 1.0)
    xpath (3.2.0)
      nokogiri (~> 1.8)
    zeitwerk (2.4.2)

PLATFORMS
  ruby

DEPENDENCIES
  kgb!
  minitest (~> 5.0)
  mocha
  pry-byebug
  rake (~> 12.0)

BUNDLED WITH
   2.1.4
